RESTRICTION: || (== net462) (== net6.0) (== netstandard2.0)
NUGET
  remote: https://api.nuget.org/v3/index.json
    FSharp.Core (5.0.2)
    Microsoft.CodeCoverage (17.8) - restriction: || (== net462) (== net6.0) (&& (== netstandard2.0) (>= net462)) (&& (== netstandard2.0) (>= netcoreapp3.1))
    Microsoft.NET.Test.Sdk (17.8)
      Microsoft.CodeCoverage (>= 17.8) - restriction: || (== net462) (== net6.0) (&& (== netstandard2.0) (>= net462)) (&& (== netstandard2.0) (>= netcoreapp3.1))
      Microsoft.TestPlatform.TestHost (>= 17.8) - restriction: || (&& (== net462) (>= netcoreapp3.1)) (== net6.0) (&& (== netstandard2.0) (>= netcoreapp3.1))
    Microsoft.NETCore.Platforms (7.0.4) - restriction: || (&& (== net462) (< net45)) (&& (== net462) (>= netcoreapp1.0)) (&& (== net462) (>= netcoreapp2.0)) (== net6.0) (== netstandard2.0)
    Microsoft.NETCore.Targets (5.0) - restriction: || (&& (== net462) (< net45)) (&& (== net462) (>= netcoreapp1.0)) (== net6.0) (== netstandard2.0)
    Microsoft.TestPlatform.ObjectModel (17.8) - restriction: || (== net462) (== net6.0) (&& (== netstandard2.0) (>= net462)) (&& (== netstandard2.0) (>= netcoreapp3.1))
      NuGet.Frameworks (>= 6.5)
      System.Reflection.Metadata (>= 1.6)
    Microsoft.TestPlatform.TestHost (17.8) - restriction: || (&& (== net462) (>= netcoreapp3.1)) (== net6.0) (&& (== netstandard2.0) (>= netcoreapp3.1))
      Microsoft.TestPlatform.ObjectModel (>= 17.8) - restriction: || (&& (== net462) (>= netcoreapp3.1)) (== net6.0) (&& (== netstandard2.0) (>= netcoreapp3.1))
      Newtonsoft.Json (>= 13.0.1) - restriction: || (&& (== net462) (>= netcoreapp3.1)) (== net6.0) (&& (== netstandard2.0) (>= netcoreapp3.1))
    MSTest.TestAdapter (2.1.2)
      NETStandard.Library (>= 1.6.1) - restriction: || (&& (== net462) (>= netcoreapp1.0)) (== net6.0) (&& (== netstandard2.0) (>= netcoreapp1.0))
      System.Diagnostics.TextWriterTraceListener (>= 4.3) - restriction: || (&& (== net462) (>= netcoreapp1.0)) (== net6.0) (&& (== netstandard2.0) (>= netcoreapp1.0))
    MSTest.TestFramework (3.1.1)
    NETStandard.Library (2.0.3) - restriction: || (&& (== net462) (< net452)) (&& (== net462) (>= netcoreapp1.0)) (== net6.0) (== netstandard2.0)
      Microsoft.NETCore.Platforms (>= 1.1)
    Newtonsoft.Json (13.0.3) - restriction: || (&& (== net462) (>= netcoreapp3.1)) (== net6.0) (&& (== netstandard2.0) (>= netcoreapp3.1))
    NHamcrest (3.4)
    NuGet.Frameworks (6.8) - restriction: || (== net462) (&& (== net6.0) (>= net462)) (&& (== netstandard2.0) (>= net462))
    NUnit (4.0)
    NUnit3TestAdapter (4.5)
    runtime.native.System (4.3.1) - restriction: || (&& (== net462) (>= netcoreapp1.0)) (== net6.0) (&& (== netstandard2.0) (>= netcoreapp1.0))
      Microsoft.NETCore.Platforms (>= 1.1.1)
      Microsoft.NETCore.Targets (>= 1.1.3)
    System.Buffers (4.5.1) - restriction: || (== net462) (&& (== net6.0) (>= net462)) (== netstandard2.0)
    System.Collections (4.3) - restriction: || (&& (== net462) (>= netcoreapp1.0)) (== net6.0) (&& (== netstandard2.0) (>= netcoreapp1.0))
      Microsoft.NETCore.Platforms (>= 1.1) - restriction: || (&& (== net462) (< net45)) (== net6.0) (== netstandard2.0)
      Microsoft.NETCore.Targets (>= 1.1) - restriction: || (&& (== net462) (< net45)) (== net6.0) (== netstandard2.0)
      System.Runtime (>= 4.3) - restriction: || (&& (== net462) (< net45)) (== net6.0) (== netstandard2.0)
    System.Collections.Immutable (8.0)
      System.Memory (>= 4.5.5) - restriction: || (== net462) (&& (== net6.0) (>= net462)) (== netstandard2.0)
      System.Runtime.CompilerServices.Unsafe (>= 6.0)
    System.Collections.NonGeneric (4.3)
      System.Diagnostics.Debug (>= 4.3) - restriction: || (&& (== net462) (< net46)) (== net6.0) (== netstandard2.0)
      System.Globalization (>= 4.3) - restriction: || (&& (== net462) (< net46)) (== net6.0) (== netstandard2.0)
      System.Resources.ResourceManager (>= 4.3) - restriction: || (&& (== net462) (< net46)) (== net6.0) (== netstandard2.0)
      System.Runtime (>= 4.3) - restriction: || (&& (== net462) (< net46)) (== net6.0) (== netstandard2.0)
      System.Runtime.Extensions (>= 4.3) - restriction: || (&& (== net462) (< net46)) (== net6.0) (== netstandard2.0)
      System.Threading (>= 4.3) - restriction: || (&& (== net462) (< net46)) (== net6.0) (== netstandard2.0)
    System.Diagnostics.Debug (4.3) - restriction: || (&& (== net462) (< net46)) (&& (== net462) (>= netcoreapp1.0)) (== net6.0) (== netstandard2.0)
      Microsoft.NETCore.Platforms (>= 1.1) - restriction: || (&& (== net462) (< net45)) (== net6.0) (== netstandard2.0)
      Microsoft.NETCore.Targets (>= 1.1) - restriction: || (&& (== net462) (< net45)) (== net6.0) (== netstandard2.0)
      System.Runtime (>= 4.3) - restriction: || (&& (== net462) (< net45)) (== net6.0) (== netstandard2.0)
    System.Diagnostics.TextWriterTraceListener (4.3) - restriction: || (&& (== net462) (>= netcoreapp1.0)) (== net6.0) (&& (== netstandard2.0) (>= netcoreapp1.0))
      System.Diagnostics.TraceSource (>= 4.3)
      System.Globalization (>= 4.3) - restriction: || (&& (== net462) (< net46)) (== net6.0) (== netstandard2.0)
      System.IO (>= 4.3) - restriction: || (&& (== net462) (< net46)) (== net6.0) (== netstandard2.0)
      System.Resources.ResourceManager (>= 4.3) - restriction: || (&& (== net462) (< net46)) (== net6.0) (== netstandard2.0)
      System.Runtime (>= 4.3) - restriction: || (&& (== net462) (< net46)) (== net6.0) (== netstandard2.0)
      System.Threading (>= 4.3) - restriction: || (&& (== net462) (< net46)) (== net6.0) (== netstandard2.0)
    System.Diagnostics.TraceSource (4.3) - restriction: || (&& (== net462) (>= netcoreapp1.0)) (== net6.0) (&& (== netstandard2.0) (>= netcoreapp1.0))
      Microsoft.NETCore.Platforms (>= 1.1) - restriction: || (&& (== net462) (< net46)) (== net6.0) (== netstandard2.0)
      runtime.native.System (>= 4.3) - restriction: || (&& (== net462) (< net46)) (== net6.0) (== netstandard2.0)
      System.Collections (>= 4.3) - restriction: || (&& (== net462) (< net46)) (== net6.0) (== netstandard2.0)
      System.Diagnostics.Debug (>= 4.3) - restriction: || (&& (== net462) (< net46)) (== net6.0) (== netstandard2.0)
      System.Globalization (>= 4.3) - restriction: || (&& (== net462) (< net46)) (== net6.0) (== netstandard2.0)
      System.Resources.ResourceManager (>= 4.3) - restriction: || (&& (== net462) (< net46)) (== net6.0) (== netstandard2.0)
      System.Runtime (>= 4.3) - restriction: || (&& (== net462) (< net46)) (== net6.0) (== netstandard2.0)
      System.Runtime.Extensions (>= 4.3) - restriction: || (&& (== net462) (< net46)) (== net6.0) (== netstandard2.0)
      System.Threading (>= 4.3) - restriction: || (&& (== net462) (< net46)) (== net6.0) (== netstandard2.0)
    System.Globalization (4.3) - restriction: || (&& (== net462) (< net46)) (&& (== net462) (>= netcoreapp1.0)) (== net6.0) (== netstandard2.0)
      Microsoft.NETCore.Platforms (>= 1.1) - restriction: || (&& (== net462) (< net45)) (== net6.0) (== netstandard2.0)
      Microsoft.NETCore.Targets (>= 1.1) - restriction: || (&& (== net462) (< net45)) (== net6.0) (== netstandard2.0)
      System.Runtime (>= 4.3) - restriction: || (&& (== net462) (< net45)) (== net6.0) (== netstandard2.0)
    System.IO (4.3) - restriction: || (&& (== net462) (< net45)) (&& (== net462) (>= netcoreapp1.0)) (== net6.0) (== netstandard2.0)
      Microsoft.NETCore.Platforms (>= 1.1) - restriction: || (&& (== net462) (< net45)) (== net6.0) (== netstandard2.0)
      Microsoft.NETCore.Targets (>= 1.1) - restriction: || (&& (== net462) (< net45)) (== net6.0) (== netstandard2.0)
      System.Runtime (>= 4.3) - restriction: || (&& (== net462) (< net45)) (== net6.0) (== netstandard2.0)
      System.Text.Encoding (>= 4.3) - restriction: || (&& (== net462) (< net45)) (== net6.0) (== netstandard2.0)
      System.Threading.Tasks (>= 4.3) - restriction: || (&& (== net462) (< net45)) (== net6.0) (== netstandard2.0)
    System.Memory (4.5.5) - restriction: || (== net462) (&& (== net6.0) (>= net462)) (== netstandard2.0)
      System.Buffers (>= 4.5.1) - restriction: || (== net462) (&& (== net6.0) (>= monotouch)) (&& (== net6.0) (>= net461)) (&& (== net6.0) (< netcoreapp2.0)) (&& (== net6.0) (< netstandard1.1)) (&& (== net6.0) (< netstandard2.0)) (&& (== net6.0) (>= xamarinios)) (&& (== net6.0) (>= xamarinmac)) (&& (== net6.0) (>= xamarintvos)) (&& (== net6.0) (>= xamarinwatchos)) (== netstandard2.0)
      System.Numerics.Vectors (>= 4.4) - restriction: || (&& (== net462) (== net6.0)) (&& (== net462) (< net45) (>= netstandard2.0)) (&& (== net6.0) (< netcoreapp2.0)) (== netstandard2.0)
      System.Numerics.Vectors (>= 4.5) - restriction: || (== net462) (&& (== net6.0) (>= net461)) (&& (== netstandard2.0) (>= net461))
      System.Runtime.CompilerServices.Unsafe (>= 4.5.3) - restriction: || (== net462) (&& (== net6.0) (>= monotouch)) (&& (== net6.0) (>= net461)) (&& (== net6.0) (< netcoreapp2.0)) (&& (== net6.0) (< netcoreapp2.1)) (&& (== net6.0) (< netstandard1.1)) (&& (== net6.0) (< netstandard2.0)) (&& (== net6.0) (>= uap10.1)) (&& (== net6.0) (>= xamarinios)) (&& (== net6.0) (>= xamarinmac)) (&& (== net6.0) (>= xamarintvos)) (&& (== net6.0) (>= xamarinwatchos)) (== netstandard2.0)
    System.Numerics.Vectors (4.5) - restriction: || (== net462) (&& (== net6.0) (>= net462)) (== netstandard2.0)
    System.Reflection (4.3) - restriction: || (&& (== net462) (< net45)) (== net6.0) (== netstandard2.0)
      Microsoft.NETCore.Platforms (>= 1.1) - restriction: || (&& (== net462) (< net45)) (== net6.0) (== netstandard2.0)
      Microsoft.NETCore.Targets (>= 1.1) - restriction: || (&& (== net462) (< net45)) (== net6.0) (== netstandard2.0)
      System.IO (>= 4.3) - restriction: || (&& (== net462) (< net45)) (== net6.0) (== netstandard2.0)
      System.Reflection.Primitives (>= 4.3) - restriction: || (&& (== net462) (< net45)) (== net6.0) (== netstandard2.0)
      System.Runtime (>= 4.3) - restriction: || (&& (== net462) (< net45)) (== net6.0) (== netstandard2.0)
    System.Reflection.Metadata (8.0) - restriction: || (== net462) (&& (== net6.0) (>= net462)) (&& (== netstandard2.0) (>= net462))
      System.Collections.Immutable (>= 8.0)
      System.Memory (>= 4.5.5) - restriction: || (== net462) (&& (== net6.0) (>= net462)) (== netstandard2.0)
    System.Reflection.Primitives (4.3) - restriction: || (&& (== net462) (< net45)) (== net6.0) (== netstandard2.0)
      Microsoft.NETCore.Platforms (>= 1.1) - restriction: || (&& (== net462) (< net45)) (== net6.0) (== netstandard2.0)
      Microsoft.NETCore.Targets (>= 1.1) - restriction: || (&& (== net462) (< net45)) (== net6.0) (== netstandard2.0)
      System.Runtime (>= 4.3) - restriction: || (&& (== net462) (< net45)) (== net6.0) (== netstandard2.0)
    System.Resources.ResourceManager (4.3) - restriction: || (&& (== net462) (< net46)) (&& (== net462) (>= netcoreapp1.0)) (== net6.0) (== netstandard2.0)
      Microsoft.NETCore.Platforms (>= 1.1) - restriction: || (&& (== net462) (< net45)) (== net6.0) (== netstandard2.0)
      Microsoft.NETCore.Targets (>= 1.1) - restriction: || (&& (== net462) (< net45)) (== net6.0) (== netstandard2.0)
      System.Globalization (>= 4.3) - restriction: || (&& (== net462) (< net45)) (== net6.0) (== netstandard2.0)
      System.Reflection (>= 4.3) - restriction: || (&& (== net462) (< net45)) (== net6.0) (== netstandard2.0)
      System.Runtime (>= 4.3) - restriction: || (&& (== net462) (< net45)) (== net6.0) (== netstandard2.0)
    System.Runtime (4.3.1) - restriction: || (&& (== net462) (< net45)) (&& (== net462) (< net46)) (&& (== net462) (>= netcoreapp1.0)) (== net6.0) (== netstandard2.0)
      Microsoft.NETCore.Platforms (>= 1.1.1) - restriction: || (&& (== net462) (< net45)) (== net6.0) (== netstandard2.0)
      Microsoft.NETCore.Targets (>= 1.1.3) - restriction: || (&& (== net462) (< net45)) (== net6.0) (== netstandard2.0)
    System.Runtime.CompilerServices.Unsafe (6.0)
    System.Runtime.Extensions (4.3.1) - restriction: || (&& (== net462) (< net46)) (&& (== net462) (>= netcoreapp1.0)) (== net6.0) (== netstandard2.0)
      Microsoft.NETCore.Platforms (>= 1.1.1) - restriction: || (&& (== net462) (< net45)) (== net6.0) (== netstandard2.0)
      Microsoft.NETCore.Targets (>= 1.1.3) - restriction: || (&& (== net462) (< net45)) (== net6.0) (== netstandard2.0)
      System.Runtime (>= 4.3.1) - restriction: || (&& (== net462) (< net45)) (== net6.0) (== netstandard2.0)
    System.Text.Encoding (4.3) - restriction: || (&& (== net462) (>= netcoreapp1.0)) (== net6.0) (&& (== netstandard2.0) (>= netcoreapp1.0))
      Microsoft.NETCore.Platforms (>= 1.1) - restriction: || (&& (== net462) (< net45)) (== net6.0) (== netstandard2.0)
      Microsoft.NETCore.Targets (>= 1.1) - restriction: || (&& (== net462) (< net45)) (== net6.0) (== netstandard2.0)
      System.Runtime (>= 4.3) - restriction: || (&& (== net462) (< net45)) (== net6.0) (== netstandard2.0)
    System.Threading (4.3) - restriction: || (&& (== net462) (< net46)) (&& (== net462) (>= netcoreapp1.0)) (== net6.0) (== netstandard2.0)
      System.Runtime (>= 4.3) - restriction: || (&& (== net462) (< net45)) (== net6.0) (== netstandard2.0)
      System.Threading.Tasks (>= 4.3) - restriction: || (&& (== net462) (< net45)) (== net6.0) (== netstandard2.0)
    System.Threading.Tasks (4.3) - restriction: || (&& (== net462) (< net45)) (&& (== net462) (>= netcoreapp1.0)) (== net6.0) (== netstandard2.0)
      Microsoft.NETCore.Platforms (>= 1.1) - restriction: || (&& (== net462) (< net45)) (== net6.0) (== netstandard2.0)
      Microsoft.NETCore.Targets (>= 1.1) - restriction: || (&& (== net462) (< net45)) (== net6.0) (== netstandard2.0)
      System.Runtime (>= 4.3) - restriction: || (&& (== net462) (< net45)) (== net6.0) (== netstandard2.0)
    xunit (2.5.3)
      xunit.analyzers (>= 1.4)
      xunit.assert (>= 2.5.3)
      xunit.core (2.5.3)
    xunit.abstractions (2.0.3)
    xunit.analyzers (1.6)
    xunit.assert (2.6.2)
      NETStandard.Library (>= 1.6.1) - restriction: || (&& (== net462) (== net6.0)) (&& (== net462) (< net452)) (== netstandard2.0)
    xunit.core (2.5.3)
      xunit.extensibility.core (2.5.3)
      xunit.extensibility.execution (2.5.3)
    xunit.extensibility.core (2.5.3)
      NETStandard.Library (>= 1.6.1) - restriction: || (&& (== net462) (< net452)) (== net6.0) (== netstandard2.0)
      xunit.abstractions (>= 2.0.3)
    xunit.extensibility.execution (2.5.3)
      NETStandard.Library (>= 1.6.1) - restriction: || (&& (== net462) (< net452)) (== net6.0) (== netstandard2.0)
      xunit.extensibility.core (2.5.3)
    xunit.runner.visualstudio (2.5.4)
      Microsoft.TestPlatform.ObjectModel (>= 17.8) - restriction: || (== net462) (&& (== net6.0) (>= net462)) (&& (== netstandard2.0) (>= net462))
