RESTRICTION: || (== net6.0) (== netstandard2.0)
NUGET
  remote: https://api.nuget.org/v3/index.json
    FSharp.Core (5.0.2)
    Microsoft.ApplicationInsights (2.22)
      System.Diagnostics.DiagnosticSource (>= 5.0)
    Microsoft.CodeCoverage (17.11.1) - restriction: || (== net6.0) (&& (== netstandard2.0) (>= net462)) (&& (== netstandard2.0) (>= netcoreapp3.1))
    Microsoft.NET.Test.Sdk (17.11.1)
      Microsoft.CodeCoverage (>= 17.11.1) - restriction: || (== net6.0) (&& (== netstandard2.0) (>= net462)) (&& (== netstandard2.0) (>= netcoreapp3.1))
      Microsoft.TestPlatform.TestHost (>= 17.11.1) - restriction: || (== net6.0) (&& (== netstandard2.0) (>= netcoreapp3.1))
    Microsoft.NETCore.Platforms (7.0.4)
    Microsoft.NETCore.Targets (5.0)
    Microsoft.Testing.Extensions.Telemetry (1.4)
      Microsoft.ApplicationInsights (>= 2.22)
      Microsoft.Testing.Platform (>= 1.4)
    Microsoft.Testing.Extensions.TrxReport.Abstractions (1.4)
      Microsoft.Testing.Platform (>= 1.4)
    Microsoft.Testing.Extensions.VSTestBridge (1.4)
      Microsoft.ApplicationInsights (>= 2.22)
      Microsoft.Testing.Extensions.Telemetry (>= 1.4)
      Microsoft.Testing.Extensions.TrxReport.Abstractions (>= 1.4)
      Microsoft.Testing.Platform (>= 1.4)
      Microsoft.TestPlatform.ObjectModel (>= 17.11)
    Microsoft.Testing.Platform (1.4)
    Microsoft.Testing.Platform.MSBuild (1.4)
      Microsoft.Testing.Platform (>= 1.4)
    Microsoft.TestPlatform.ObjectModel (17.11.1)
      System.Reflection.Metadata (>= 1.6)
    Microsoft.TestPlatform.TestHost (17.11.1) - restriction: || (== net6.0) (&& (== netstandard2.0) (>= netcoreapp3.1))
      Microsoft.TestPlatform.ObjectModel (>= 17.11.1) - restriction: || (== net6.0) (&& (== netstandard2.0) (>= netcoreapp3.1))
      Newtonsoft.Json (>= 13.0.1) - restriction: || (== net6.0) (&& (== netstandard2.0) (>= netcoreapp3.1))
    MSTest.TestAdapter (3.2.2)
      Microsoft.Testing.Extensions.Telemetry (>= 1.0.2)
      Microsoft.Testing.Extensions.VSTestBridge (>= 1.0.2)
      Microsoft.Testing.Platform.MSBuild (>= 1.0.2)
    MSTest.TestFramework (3.2.2)
    Newtonsoft.Json (13.0.3) - restriction: || (== net6.0) (&& (== netstandard2.0) (>= netcoreapp3.1))
    NHamcrest (3.4)
    NUnit (4.0.1)
    NUnit3TestAdapter (4.6)
    System.Buffers (4.5.1) - restriction: || (&& (== net6.0) (>= net462)) (== netstandard2.0)
    System.Collections.Immutable (8.0)
      System.Memory (>= 4.5.5) - restriction: || (&& (== net6.0) (>= net462)) (== netstandard2.0)
      System.Runtime.CompilerServices.Unsafe (>= 6.0)
    System.Collections.NonGeneric (4.3)
      System.Diagnostics.Debug (>= 4.3)
      System.Globalization (>= 4.3)
      System.Resources.ResourceManager (>= 4.3)
      System.Runtime (>= 4.3)
      System.Runtime.Extensions (>= 4.3)
      System.Threading (>= 4.3)
    System.Diagnostics.Debug (4.3)
      Microsoft.NETCore.Platforms (>= 1.1)
      Microsoft.NETCore.Targets (>= 1.1)
      System.Runtime (>= 4.3)
    System.Diagnostics.DiagnosticSource (8.0.1)
      System.Memory (>= 4.5.5) - restriction: || (&& (== net6.0) (>= net462)) (== netstandard2.0)
      System.Runtime.CompilerServices.Unsafe (>= 6.0)
    System.Globalization (4.3)
      Microsoft.NETCore.Platforms (>= 1.1)
      Microsoft.NETCore.Targets (>= 1.1)
      System.Runtime (>= 4.3)
    System.IO (4.3)
      Microsoft.NETCore.Platforms (>= 1.1)
      Microsoft.NETCore.Targets (>= 1.1)
      System.Runtime (>= 4.3)
      System.Text.Encoding (>= 4.3)
      System.Threading.Tasks (>= 4.3)
    System.Memory (4.5.5) - restriction: || (&& (== net6.0) (>= net462)) (== netstandard2.0)
      System.Buffers (>= 4.5.1) - restriction: || (&& (== net6.0) (>= monotouch)) (&& (== net6.0) (>= net461)) (&& (== net6.0) (< netcoreapp2.0)) (&& (== net6.0) (< netstandard1.1)) (&& (== net6.0) (< netstandard2.0)) (&& (== net6.0) (>= xamarinios)) (&& (== net6.0) (>= xamarinmac)) (&& (== net6.0) (>= xamarintvos)) (&& (== net6.0) (>= xamarinwatchos)) (== netstandard2.0)
      System.Numerics.Vectors (>= 4.4) - restriction: || (&& (== net6.0) (< netcoreapp2.0)) (== netstandard2.0)
      System.Runtime.CompilerServices.Unsafe (>= 4.5.3) - restriction: || (&& (== net6.0) (>= monotouch)) (&& (== net6.0) (>= net461)) (&& (== net6.0) (< netcoreapp2.0)) (&& (== net6.0) (< netcoreapp2.1)) (&& (== net6.0) (< netstandard1.1)) (&& (== net6.0) (< netstandard2.0)) (&& (== net6.0) (>= uap10.1)) (&& (== net6.0) (>= xamarinios)) (&& (== net6.0) (>= xamarinmac)) (&& (== net6.0) (>= xamarintvos)) (&& (== net6.0) (>= xamarinwatchos)) (== netstandard2.0)
    System.Numerics.Vectors (4.5) - restriction: || (&& (== net6.0) (>= net462)) (== netstandard2.0)
    System.Reflection (4.3)
      Microsoft.NETCore.Platforms (>= 1.1)
      Microsoft.NETCore.Targets (>= 1.1)
      System.IO (>= 4.3)
      System.Reflection.Primitives (>= 4.3)
      System.Runtime (>= 4.3)
    System.Reflection.Metadata (8.0) - restriction: || (== net6.0) (&& (== netstandard2.0) (>= netcoreapp3.1))
      System.Collections.Immutable (>= 8.0)
    System.Reflection.Primitives (4.3)
      Microsoft.NETCore.Platforms (>= 1.1)
      Microsoft.NETCore.Targets (>= 1.1)
      System.Runtime (>= 4.3)
    System.Resources.ResourceManager (4.3)
      Microsoft.NETCore.Platforms (>= 1.1)
      Microsoft.NETCore.Targets (>= 1.1)
      System.Globalization (>= 4.3)
      System.Reflection (>= 4.3)
      System.Runtime (>= 4.3)
    System.Runtime (4.3.1)
      Microsoft.NETCore.Platforms (>= 1.1.1)
      Microsoft.NETCore.Targets (>= 1.1.3)
    System.Runtime.CompilerServices.Unsafe (6.0)
    System.Runtime.Extensions (4.3.1)
      Microsoft.NETCore.Platforms (>= 1.1.1)
      Microsoft.NETCore.Targets (>= 1.1.3)
      System.Runtime (>= 4.3.1)
    System.Text.Encoding (4.3)
      Microsoft.NETCore.Platforms (>= 1.1)
      Microsoft.NETCore.Targets (>= 1.1)
      System.Runtime (>= 4.3)
    System.Threading (4.3)
      System.Runtime (>= 4.3)
      System.Threading.Tasks (>= 4.3)
    System.Threading.Tasks (4.3)
      Microsoft.NETCore.Platforms (>= 1.1)
      Microsoft.NETCore.Targets (>= 1.1)
      System.Runtime (>= 4.3)
    xunit (2.6.6)
      xunit.analyzers (>= 1.10)
      xunit.assert (>= 2.6.6)
      xunit.core (2.6.6)
    xunit.abstractions (2.0.3)
    xunit.analyzers (1.16)
    xunit.assert (2.9)
    xunit.core (2.6.6)
      xunit.extensibility.core (2.6.6)
      xunit.extensibility.execution (2.6.6)
    xunit.extensibility.core (2.6.6)
      xunit.abstractions (>= 2.0.3)
    xunit.extensibility.execution (2.6.6)
      xunit.extensibility.core (2.6.6)
    xunit.runner.visualstudio (2.8.2)
